GIT
  remote: git://github.com/tubbo/rails_apps_composer.git
  revision: 12de5675c257118459521518f11688b984d6f84c
  specs:
    rails_apps_composer (2.1.8)
      activesupport (>= 3.0.0)
      i18n
      rake
      thor

GEM
  remote: http://rubygems.org/
  specs:
    activemodel (3.2.8)
      activesupport (= 3.2.8)
      builder (~> 3.0.0)
    activesupport (3.2.8)
      i18n (~> 0.6)
      multi_json (~> 1.0)
    builder (3.0.3)
    diff-lcs (1.1.3)
    i18n (0.6.1)
    maid (0.1.2)
      thor (~> 0.14.6)
    multi_json (1.3.6)
    rake (0.9.2.2)
    rspec (2.11.0)
      rspec-core (~> 2.11.0)
      rspec-expectations (~> 2.11.0)
      rspec-mocks (~> 2.11.0)
    rspec-core (2.11.1)
    rspec-expectations (2.11.3)
      diff-lcs (~> 1.1.3)
    rspec-mocks (2.11.3)
    thor (0.14.6)

PLATFORMS
  ruby

DEPENDENCIES
  activemodel
  maid
  rails_apps_composer!
  rake
  rspec
  thor (~> 0.14.6)
