GIT
  remote: git://github.com/tubbo/rails_apps_composer.git
  revision: 12de5675c257118459521518f11688b984d6f84c
  specs:
    rails_apps_composer (2.1.8)
      activesupport (>= 3.0.0)
      i18n
      rake
      thor

GEM
  remote: http://rubygems.org/
  specs:
    activesupport (3.2.8)
      i18n (~> 0.6)
      multi_json (~> 1.0)
    i18n (0.6.0)
    mini_shoulda (0.5.0)
      minitest (> 2.1.0)
    mini_specunit (0.4.0)
      minitest
    minitest (3.3.0)
    multi_json (1.3.6)
    rake (0.9.2.2)
    thor (0.16.0)

PLATFORMS
  ruby

DEPENDENCIES
  mini_shoulda
  mini_specunit
  rails_apps_composer!
  rake
  thor
