GEM
  remote: http://rubygems.org/
  specs:
    mini_shoulda (0.4.0)
      minitest (> 2.1.0)
    mini_specunit (0.4.0)
      minitest
    minitest (3.1.0)
    rake (0.9.2.2)
    thor (0.15.3)

PLATFORMS
  ruby

DEPENDENCIES
  mini_shoulda
  mini_specunit
  rake
  thor
